PATH
  remote: .
  specs:
    downloads_cleaner (0.1.0)

GEM
  remote: https://rubygems.org/
  specs:
    ansi (1.5.0)
    builder (3.3.0)
    minitest (5.25.5)
    minitest-reporters (1.7.1)
      ansi
      builder
      minitest (>= 5.0)
      ruby-progressbar
    ruby-progressbar (1.13.0)

PLATFORMS
  arm64-darwin-23
  ruby

DEPENDENCIES
  downloads_cleaner!
  minitest
  minitest-reporters

BUNDLED WITH
   2.6.9
